STORAGE: PACKAGES
RESTRICTION: || (== net461) (== net48) (== net50) (== netstandard2.0)

GROUP Build
STORAGE: PACKAGES
NUGET
  remote: https://api.nuget.org/v3/index.json
    NuGet.CommandLine (5.9.1)
